GEM
  specs:
    activesupport (4.2.5)
      i18n (~> 0.7)
      json (~> 1.7, >= 1.7.7)
      minitest (~> 5.1)
      thread_safe (~> 0.3, >= 0.3.4)
      tzinfo (~> 1.1)
    daemons (1.2.3)
    eventmachine (1.2.0.1)
    fcgi (0.9.2.1)
    i18n (0.7.0)
    json (1.8.3)
    memcache-client (1.8.5)
    minitest (5.8.4)
    rack (1.6.4)
    thin (1.6.4)
      daemons (~> 1.0, >= 1.0.9)
      eventmachine (~> 1.0, >= 1.0.4)
      rack (~> 1.0)
    thread_safe (0.3.5)
    tzinfo (1.2.2)
      thread_safe (~> 0.1)

PLATFORMS
  ruby

DEPENDENCIES
  activesupport
  fcgi
  json
  memcache-client
  rack
  thin

BUNDLED WITH
   1.10.6
